PATH
  remote: .
  specs:
    komoju (0.0.7)
      heroics (= 0.0.21)
      moneta

GEM
  remote: https://rubygems.org/
  specs:
    ansi (1.5.0)
    erubis (2.7.0)
    excon (0.55.0)
    heroics (0.0.21)
      erubis (~> 2.0)
      excon
      multi_json (>= 1.9.2)
    minitest (4.7.5)
    moneta (1.0.0)
    multi_json (1.12.1)
    rake (10.5.0)
    turn (0.9.7)
      ansi
      minitest (~> 4)

PLATFORMS
  ruby

DEPENDENCIES
  bundler (~> 1.7)
  komoju!
  minitest (= 4.7.5)
  rake (~> 10.0)
  turn

BUNDLED WITH
   1.13.7
