GIT
  remote: git://github.com/komoju/heroics.git
  revision: 660bc4e362b696b2346ef81b05ea35aa19b08036
  branch: komoju
  specs:
    heroics (0.0.14)
      erubis (~> 2.0)
      excon
      moneta
      multi_json (>= 1.9.2)
      netrc

PATH
  remote: .
  specs:
    komoju (0.0.1)
      heroics

GEM
  remote: https://rubygems.org/
  specs:
    ansi (1.5.0)
    erubis (2.7.0)
    excon (0.45.4)
    minitest (4.7.5)
    moneta (0.8.0)
    multi_json (1.11.2)
    netrc (0.11.0)
    rake (10.4.2)
    turn (0.9.7)
      ansi
      minitest (~> 4)

PLATFORMS
  ruby

DEPENDENCIES
  bundler (~> 1.7)
  heroics!
  komoju!
  minitest (= 4.7.5)
  rake (~> 10.0)
  turn
