PATH
  remote: .
  specs:
    komoju (0.0.1)
      heroics

GEM
  remote: https://rubygems.org/
  specs:
    ansi (1.5.0)
    erubis (2.7.0)
    excon (0.44.4)
    heroics (0.0.13)
      erubis (~> 2.7.0)
      excon
      moneta
      multi_json (>= 1.9.2)
      netrc
    minitest (4.7.5)
    moneta (0.8.0)
    multi_json (1.11.0)
    netrc (0.10.3)
    rake (10.4.2)
    turn (0.9.7)
      ansi
      minitest (~> 4)

PLATFORMS
  ruby

DEPENDENCIES
  bundler (~> 1.7)
  komoju!
  minitest (= 4.7.5)
  rake (~> 10.0)
  turn
